PATH
  remote: .
  specs:
    turf-ruby (0.3.0)

GEM
  remote: https://rubygems.org/
  specs:
    docile (1.4.0)
    minitest (5.14.4)
    minitest-focus (1.3.1)
      minitest (>= 4, < 6)
    rake (12.3.3)
    simplecov (0.21.2)
      docile (~> 1.1)
      simplecov-html (~> 0.11)
      simplecov_json_formatter (~> 0.1)
    simplecov-html (0.12.3)
    simplecov_json_formatter (0.1.3)
    yard (0.9.26)

PLATFORMS
  ruby

DEPENDENCIES
  minitest (~> 5.0)
  minitest-focus
  rake (~> 12.0)
  simplecov
  turf-ruby!
  yard

BUNDLED WITH
   2.2.9
