PATH
  remote: .
  specs:
    turf-ruby (1.0.0)

GEM
  remote: https://rubygems.org/
  specs:
    ast (2.4.3)
    docile (1.4.1)
    minitest (5.25.5)
    minitest-bonus-assertions (2.0)
    minitest-focus (1.4.0)
      minitest (>= 4, < 6)
    parallel (1.27.0)
    parser (3.3.8.0)
      ast (~> 2.4.1)
      racc
    prism (1.4.0)
    racc (1.8.1)
    rainbow (3.1.1)
    rake (12.3.3)
    regexp_parser (2.10.0)
    rexml (3.4.1)
    rubocop (1.5.2)
      parallel (~> 1.10)
      parser (>= 2.7.1.5)
      rainbow (>= 2.2.2, < 4.0)
      regexp_parser (>= 1.8, < 3.0)
      rexml
      rubocop-ast (>= 1.2.0, < 2.0)
      ruby-progressbar (~> 1.7)
      unicode-display_width (>= 1.4.0, < 2.0)
    rubocop-ast (1.44.1)
      parser (>= 3.3.7.2)
      prism (~> 1.4)
    ruby-progressbar (1.13.0)
    simplecov (0.22.0)
      docile (~> 1.1)
      simplecov-html (~> 0.11)
      simplecov_json_formatter (~> 0.1)
    simplecov-html (0.13.1)
    simplecov_json_formatter (0.1.4)
    unicode-display_width (1.8.0)
    yard (0.9.37)

PLATFORMS
  x86_64-darwin-24

DEPENDENCIES
  minitest (~> 5.0)
  minitest-bonus-assertions
  minitest-focus
  rake (~> 12.0)
  rubocop (= 1.5.2)
  simplecov
  turf-ruby!
  yard

BUNDLED WITH
   2.4.12
