PATH
  remote: .
  specs:
    turf-ruby (0.7.0)

GEM
  remote: https://rubygems.org/
  specs:
    ast (2.4.2)
    coderay (1.1.3)
    docile (1.4.0)
    method_source (1.0.0)
    minitest (5.14.4)
    minitest-bonus-assertions (3.0)
    minitest-focus (1.3.1)
      minitest (>= 4, < 6)
    parallel (1.20.1)
    parser (3.0.1.1)
      ast (~> 2.4.1)
    pry (0.14.1)
      coderay (~> 1.1)
      method_source (~> 1.0)
    rainbow (3.0.0)
    rake (12.3.3)
    regexp_parser (2.1.1)
    rexml (3.2.5)
    rubocop (1.5.2)
      parallel (~> 1.10)
      parser (>= 2.7.1.5)
      rainbow (>= 2.2.2, < 4.0)
      regexp_parser (>= 1.8, < 3.0)
      rexml
      rubocop-ast (>= 1.2.0, < 2.0)
      ruby-progressbar (~> 1.7)
      unicode-display_width (>= 1.4.0, < 2.0)
    rubocop-ast (1.7.0)
      parser (>= 3.0.1.1)
    ruby-progressbar (1.11.0)
    simplecov (0.21.2)
      docile (~> 1.1)
      simplecov-html (~> 0.11)
      simplecov_json_formatter (~> 0.1)
    simplecov-html (0.12.3)
    simplecov_json_formatter (0.1.3)
    unicode-display_width (1.7.0)
    yard (0.9.36)

PLATFORMS
  ruby

DEPENDENCIES
  minitest (~> 5.0)
  minitest-bonus-assertions
  minitest-focus
  pry
  rake (~> 12.0)
  rubocop (= 1.5.2)
  simplecov
  turf-ruby!
  yard

BUNDLED WITH
   2.4.12
